PATH
  remote: .
  specs:
    flockdb (0.6.1)
      thrift (>= 0.5.0)
      thrift_client (>= 0.6.0)

GEM
  remote: http://rubygems.org/
  specs:
    diff-lcs (1.1.2)
    rake (0.8.7)
    rr (1.0.2)
    rspec (1.3.2)
    thrift (0.6.0)
    thrift_client (0.6.2)
      thrift (~> 0.6.0)

PLATFORMS
  ruby

DEPENDENCIES
  bundler (~> 1.0.10)
  diff-lcs
  flockdb!
  rake (= 0.8.7)
  rr
  rspec (~> 1.3.0)
